GEM
  remote: https://rubygems.org/
  specs:
    createsend (4.1.0)
      hashie (~> 3.0)
      httparty (~> 0.10)
      json (~> 1.0)
    faraday (0.9.1)
      multipart-post (>= 1.2, < 3)
    geoip (1.6.1)
    hashie (3.4.2)
    httparty (0.13.1)
      json (~> 1.8)
      multi_xml (>= 0.5.2)
    json (1.8.1)
    jwt (1.5.1)
    multi_json (1.11.2)
    multi_xml (0.5.5)
    multipart-post (2.0.0)
    oauth2 (1.0.0)
      faraday (>= 0.8, < 0.10)
      jwt (~> 1.0)
      multi_json (~> 1.3)
      multi_xml (~> 0.5)
      rack (~> 1.2)
    omniauth (1.2.2)
      hashie (>= 1.2, < 4)
      rack (~> 1.0)
    omniauth-createsend (1.0.3)
      omniauth-oauth2 (~> 1.1)
    omniauth-oauth2 (1.3.1)
      oauth2 (~> 1.0)
      omniauth (~> 1.2)
    rack (1.6.4)
    toc (0.0.4)

PLATFORMS
  ruby

DEPENDENCIES
  createsend
  geoip
  httparty
  omniauth-createsend
  toc
